GEM
  remote: http://rubygems.org/
  specs:
    ceedling (0.12.2)
      rake (>= 0.8.7)
      thor (>= 0.14.5)
    rake (0.9.2.2)
    thor (0.15.2)

PLATFORMS
  ruby

DEPENDENCIES
  ceedling
